GIT
  remote: https://github.com/bonybrown/aws-xray-sdk-ruby.git
  revision: aa172ac31e067f07d4982e4fd92322524c9bd092
  branch: lambda-instrumentation
  specs:
    aws-xray-sdk (0.11.2)
      aws-sdk-xray (~> 1.4.0)
      multi_json (~> 1)

GEM
  remote: https://rubygems.org/
  specs:
    aws-eventstream (1.0.3)
    aws-partitions (1.206.0)
    aws-sdk-core (3.64.0)
      aws-eventstream (~> 1.0, >= 1.0.2)
      aws-partitions (~> 1.0)
      aws-sigv4 (~> 1.1)
      jmespath (~> 1.0)
    aws-sdk-xray (1.4.0)
      aws-sdk-core (~> 3)
      aws-sigv4 (~> 1.0)
    aws-sigv4 (1.1.0)
      aws-eventstream (~> 1.0, >= 1.0.2)
    connection_pool (2.2.2)
    jmespath (1.4.0)
    multi_json (1.13.1)
    net-http-persistent (3.1.0)
      connection_pool (~> 2.2)

PLATFORMS
  ruby

DEPENDENCIES
  aws-xray-sdk!
  net-http-persistent

BUNDLED WITH
   2.0.1
